GEM
  remote: https://rubygems.org/
  specs:
    chronic (0.10.2)
    faker (1.5.0)
      i18n (~> 0.5)
    i18n (0.7.0)
    mini_portile (0.6.2)
    nokogiri (1.6.6.2)
      mini_portile (~> 0.6.0)
    sqlite3 (1.3.10)

PLATFORMS
  ruby

DEPENDENCIES
  chronic
  faker
  nokogiri
  sqlite3 (~> 1.3.10)

BUNDLED WITH
   1.11.2
